PATH
  remote: .
  specs:
    ruby-tmdb (0.3.0)
      addressable
      deepopenstruct (>= 0.1.2)
      json

GEM
  remote: http://rubygems.org/
  specs:
    addressable (2.3.5)
    crack (0.4.1)
      safe_yaml (~> 0.9.0)
    deepopenstruct (0.1.2)
    json (1.8.1)
    metaclass (0.0.1)
    mocha (0.14.0)
      metaclass (~> 0.0.1)
    safe_yaml (0.9.7)
    webmock (1.16.0)
      addressable (>= 2.2.7)
      crack (>= 0.3.2)

PLATFORMS
  ruby

DEPENDENCIES
  addressable
  deepopenstruct
  json
  mocha
  ruby-tmdb!
  webmock
